GEM
  remote: https://rubygems.org/
  specs:
    minitest (5.10.1)
    rr (1.2.1)

PLATFORMS
  ruby

DEPENDENCIES
  minitest
  rr

BUNDLED WITH
   2.1.4
